GEM
  remote: https://rubygems.org/
  specs:
    activemodel (5.2.4.3)
      activesupport (= 5.2.4.3)
    activesupport (5.2.4.3)
      concurrent-ruby (~> 1.0, >= 1.0.2)
      i18n (>= 0.7, < 2)
      minitest (~> 5.1)
      tzinfo (~> 1.1)
    amq-protocol (2.3.0)
    bson (4.5.0)
    bunny (2.14.2)
      amq-protocol (~> 2.3, >= 2.3.0)
    concurrent-ruby (1.1.6)
    diff-lcs (1.3)
    i18n (1.8.2)
      concurrent-ruby (~> 1.0)
    minitest (5.14.1)
    mongo (2.9.0)
      bson (>= 4.4.2, < 5.0.0)
    mongoid (7.0.4)
      activemodel (>= 5.1, < 6.0.0)
      mongo (>= 2.5.1, < 3.0.0)
    mustermann (1.0.3)
    prometheus-client (0.9.0)
      quantile (~> 0.2.1)
    quantile (0.2.1)
    rack (2.2.3)
    rack-protection (2.0.5)
      rack
    rspec (3.8.0)
      rspec-core (~> 3.8.0)
      rspec-expectations (~> 3.8.0)
      rspec-mocks (~> 3.8.0)
    rspec-core (3.8.2)
      rspec-support (~> 3.8.0)
    rspec-expectations (3.8.4)
      diff-lcs (>= 1.2.0, < 2.0)
      rspec-support (~> 3.8.0)
    rspec-mocks (3.8.1)
      diff-lcs (>= 1.2.0, < 2.0)
      rspec-support (~> 3.8.0)
    rspec-support (3.8.2)
    semian (0.8.8)
    sinatra (2.0.5)
      mustermann (~> 1.0)
      rack (~> 2.0)
      rack-protection (= 2.0.5)
      tilt (~> 2.0)
    thread_safe (0.3.6)
    tilt (2.0.9)
    tzinfo (1.2.7)
      thread_safe (~> 0.1)

PLATFORMS
  ruby

DEPENDENCIES
  bunny (>= 2.7.0)
  mongoid
  prometheus-client
  rspec
  semian
  sinatra

BUNDLED WITH
   2.0.2
